GEM
  remote: https://rubygems.org/
  specs:
    chipmunk (6.1.3.4)
    gosu (0.10.7)
    gosu_tiled (0.1.1)
      gosu
      json
    json (2.0.1)
    opengl (0.9.2)
    rmagick (2.15.4)

PLATFORMS
  ruby

DEPENDENCIES
  chipmunk
  gosu
  gosu_tiled
  opengl
  rmagick

RUBY VERSION
   ruby 2.2.4p230

BUNDLED WITH
   1.12.5
